GEM
  remote: https://rubygems.org/
  specs:
    coderay (1.1.1)
    ffi (1.9.14)
    formatador (0.2.5)
    growl (1.0.3)
    guard (1.8.3)
      formatador (>= 0.2.4)
      listen (~> 1.3)
      lumberjack (>= 1.0.2)
      pry (>= 0.9.10)
      thor (>= 0.14.6)
    guard-shell (0.6.1)
      guard (>= 1.1.0)
    guard-yaml (0.0.1)
      guard (>= 1.1)
    listen (1.3.1)
      rb-fsevent (>= 0.9.3)
      rb-inotify (>= 0.9)
      rb-kqueue (>= 0.2)
    lumberjack (1.0.10)
    method_source (0.8.2)
    pry (0.10.4)
      coderay (~> 1.1.0)
      method_source (~> 0.8.1)
      slop (~> 3.4)
    rb-fsevent (0.9.8)
    rb-inotify (0.9.7)
      ffi (>= 0.5.0)
    rb-kqueue (0.2.4)
      ffi (>= 0.5.0)
    slop (3.6.0)
    terminal-notifier-guard (1.7.0)
    thor (0.19.1)
    yaml-lint (0.0.9)

PLATFORMS
  ruby

DEPENDENCIES
  growl
  guard (~> 1.8)
  guard-shell
  guard-yaml
  rb-fsevent
  terminal-notifier-guard
  yaml-lint

BUNDLED WITH
   1.13.2
